PATH
  remote: .
  specs:
    rack-informant (1.0.0)

GEM
  remote: http://rubygems.org/
  specs:

PLATFORMS
  ruby

DEPENDENCIES
  rack-informant!
